GEM
  remote: https://rubygems.org/
  specs:
    adsf (1.2.0)
      rack (>= 1.0.0)
    allison (2.0.3)
    celluloid (0.15.2)
      timers (~> 1.1.0)
    coderay (1.1.0)
    colored (1.2)
    cri (2.4.1)
      colored (>= 1.2)
    echoe (4.6.5)
      allison (>= 2.0.3)
      rake (>= 0.9.2)
      rdoc (>= 2.5.11)
      rubyforge (>= 2.0.4)
    ffi (1.9.3)
    formatador (0.2.4)
    guard (2.4.0)
      formatador (>= 0.2.4)
      listen (~> 2.1)
      lumberjack (~> 1.0)
      pry (>= 0.9.12)
      thor (>= 0.18.1)
    guard-nanoc (1.0.2)
      guard (>= 1.8.0)
      nanoc (>= 3.6.3)
    json (1.8.1)
    json_pure (1.8.1)
    kramdown (1.3.1)
    listen (2.4.0)
      celluloid (>= 0.15.2)
      rb-fsevent (>= 0.9.3)
      rb-inotify (>= 0.9)
    lumberjack (1.0.4)
    method_source (0.8.2)
    mini_portile (0.5.2)
    nanoc (3.6.7)
      cri (~> 2.3)
    nokogiri (1.6.1)
      mini_portile (~> 0.5.0)
    posix-spawn (0.3.8)
    pry (0.9.12.6)
      coderay (~> 1.0)
      method_source (~> 0.8)
      slop (~> 3.4)
    pygments.rb (0.5.4)
      posix-spawn (~> 0.3.6)
      yajl-ruby (~> 1.1.0)
    rack (1.5.2)
    rainpress (1.0)
      echoe
    rake (10.1.1)
    rb-fsevent (0.9.4)
    rb-inotify (0.9.3)
      ffi (>= 0.5.0)
    rdoc (4.1.1)
      json (~> 1.4)
    rubyforge (2.0.4)
      json_pure (>= 1.1.7)
    slop (3.4.7)
    thor (0.18.1)
    timers (1.1.0)
    yajl-ruby (1.1.0)

PLATFORMS
  ruby

DEPENDENCIES
  adsf (= 1.2.0)
  guard-nanoc
  kramdown (= 1.3.1)
  nanoc (= 3.6.7)
  nokogiri
  pygments.rb (= 0.5.4)
  rainpress
